GIT
  remote: https://github.com/gocardless/que
  revision: 25b29c4dd2cf839b1cfe701d36126701f07585bd
  tag: v0.11.8
  specs:
    que (0.11.8)

GIT
  remote: https://github.com/gocardless/que-failure
  revision: d8e29eda9b6fbba4a5eafcb2dec8ca04263bb606
  tag: v0.4.2
  specs:
    que-failure (0.4.2)
      que

GEM
  remote: https://rubygems.org/
  specs:
    activemodel (5.1.4)
      activesupport (= 5.1.4)
    activerecord (5.1.4)
      activemodel (= 5.1.4)
      activesupport (= 5.1.4)
      arel (~> 8.0)
    activesupport (5.1.4)
      concurrent-ruby (~> 1.0, >= 1.0.2)
      i18n (~> 0.7)
      minitest (~> 5.1)
      tzinfo (~> 1.1)
    arel (8.0.0)
    coderay (1.1.2)
    concurrent-ruby (1.0.5)
    i18n (0.9.1)
      concurrent-ruby (~> 1.0)
    method_source (0.9.0)
    minitest (5.10.3)
    pg (0.21.0)
    pry (0.11.3)
      coderay (~> 1.1.0)
      method_source (~> 0.9.0)
    thread_safe (0.3.6)
    tzinfo (1.2.4)
      thread_safe (~> 0.1)

PLATFORMS
  ruby

DEPENDENCIES
  activerecord
  pg
  pry
  que!
  que-failure!

BUNDLED WITH
   1.16.1
